PATH
  remote: .
  specs:
    url (0.3.1)

GEM
  remote: http://rubygems.org/
  specs:
    diff-lcs (1.1.2)
    rake (0.8.7)
    rspec (2.6.0)
      rspec-core (~> 2.6.0)
      rspec-expectations (~> 2.6.0)
      rspec-mocks (~> 2.6.0)
    rspec-core (2.6.4)
    rspec-expectations (2.6.0)
      diff-lcs (~> 1.1.2)
    rspec-mocks (2.6.0)
    yard (0.9.20)

PLATFORMS
  ruby

DEPENDENCIES
  rake
  rspec (~> 2)
  url!
  yard (>= 0.7.1)
